GEM
  remote: https://rubygems.org/
  specs:
    awesome_print (1.6.1)
    coderay (1.1.1)
    domain_name (0.5.20160310)
      unf (>= 0.0.5, < 1.0.0)
    http-cookie (1.0.2)
      domain_name (~> 0.5)
    json (1.8.3)
    method_source (0.8.2)
    mime-types (2.99.1)
    netrc (0.11.0)
    network_interface (0.0.1)
    packetfu (1.1.11)
      network_interface (~> 0.0)
      pcaprub (~> 0.12)
    pcaprub (0.12.4)
    pry (0.10.3)
      coderay (~> 1.1.0)
      method_source (~> 0.8.1)
      slop (~> 3.4)
    rest-client (1.8.0)
      http-cookie (>= 1.0.2, < 2.0)
      mime-types (>= 1.16, < 3.0)
      netrc (~> 0.7)
    shodan (1.0.0)
      json (>= 1.4.6)
    slop (3.6.0)
    uirusu (1.0.0)
      json (~> 1.8, >= 1.8.3)
      rest-client (~> 1.6, >= 1.6.9)
    unf (0.1.4)
      unf_ext
    unf_ext (0.0.7.2)

PLATFORMS
  ruby

DEPENDENCIES
  awesome_print
  packetfu
  pcaprub
  pry
  shodan
  uirusu

BUNDLED WITH
   1.12.1
